PATH
  remote: .
  specs:
    ups (0.8.2)
      insensitive_hash (~> 0.3.3)
      levenshtein-ffi (~> 1.1)
      ox (>= 2.2, <= 2.4.0)
      typhoeus (~> 1.0.0)

GEM
  remote: http://rubygems.org/
  specs:
    byebug (9.0.6)
    codeclimate-test-reporter (0.5.0)
      simplecov (>= 0.7.1, < 1.0.0)
    coderay (1.1.1)
    docile (1.1.5)
    ethon (0.8.1)
      ffi (>= 1.3.0)
    ffi (1.9.10)
    insensitive_hash (0.3.3)
    json (1.8.3)
    levenshtein-ffi (1.1.0)
      ffi (~> 1.9)
    method_source (0.8.2)
    mini_portile2 (2.0.0)
    minitest (5.8.4)
    nokogiri (1.6.7.2)
      mini_portile2 (~> 2.0.0.rc2)
    ox (2.3.0)
    pry (0.10.4)
      coderay (~> 1.1.0)
      method_source (~> 0.8.1)
      slop (~> 3.4)
    pry-byebug (3.4.2)
      byebug (~> 9.0)
      pry (~> 0.10)
    rake (11.1.1)
    simplecov (0.11.2)
      docile (~> 1.1.0)
      json (~> 1.8)
      simplecov-html (~> 0.10.0)
    simplecov-html (0.10.0)
    slop (3.6.0)
    typhoeus (1.0.1)
      ethon (>= 0.8.0)

PLATFORMS
  ruby

DEPENDENCIES
  byebug
  codeclimate-test-reporter
  minitest
  nokogiri
  pry-byebug
  rake
  ups!

BUNDLED WITH
   1.11.2
