PATH
  remote: .
  specs:
    ups (0.8.2)
      insensitive_hash (~> 0.3.3)
      levenshtein-ffi (~> 1.1)
      ox (<= 2.11.0)
      typhoeus (~> 1.0.0)

GEM
  remote: http://rubygems.org/
  specs:
    ast (2.3.0)
    byebug (9.0.6)
    docile (1.1.5)
    ethon (0.12.0)
      ffi (>= 1.3.0)
    ffi (1.11.1)
    insensitive_hash (0.3.3)
    json (2.1.0)
    levenshtein-ffi (1.1.0)
      ffi (~> 1.9)
    mini_portile2 (2.2.0)
    minitest (5.10.3)
    nokogiri (1.8.0)
      mini_portile2 (~> 2.2.0)
    ox (2.11.0)
    parser (2.3.3.1)
      ast (~> 2.2)
    powerpack (0.1.1)
    rainbow (2.1.0)
    rake (12.0.0)
    rubocop (0.44.1)
      parser (>= 2.3.1.1, < 3.0)
      powerpack (~> 0.1)
      rainbow (>= 1.99.1, < 3.0)
      ruby-progressbar (~> 1.7)
      unicode-display_width (~> 1.0, >= 1.0.1)
    ruby-progressbar (1.8.1)
    simplecov (0.15.0)
      docile (~> 1.1.0)
      json (>= 1.8, < 3)
      simplecov-html (~> 0.10.0)
    simplecov-html (0.10.2)
    typhoeus (1.0.2)
      ethon (>= 0.9.0)
    unicode-display_width (1.1.1)

PLATFORMS
  ruby

DEPENDENCIES
  byebug
  minitest
  nokogiri
  rake
  rubocop
  simplecov (~> 0.15.0)
  simplecov-html (~> 0.10.2)
  ups!

RUBY VERSION
   ruby 2.4.1p111

BUNDLED WITH
   2.0.2
