PATH
  remote: .
  specs:
    ups (0.8.2)
      insensitive_hash (~> 0.3.3)
      levenshtein-ffi (~> 1.1)
      ox (>= 2.2, <= 2.4.0)
      typhoeus (~> 1.0.0)

GEM
  remote: http://rubygems.org/
  specs:
    ast (2.3.0)
    byebug (9.0.6)
    docile (1.1.5)
    ethon (0.8.1)
      ffi (>= 1.3.0)
    ffi (1.9.10)
    insensitive_hash (0.3.3)
    json (1.8.3)
    levenshtein-ffi (1.1.0)
      ffi (~> 1.9)
    mini_portile2 (2.0.0)
    minitest (5.8.4)
    nokogiri (1.6.7.2)
      mini_portile2 (~> 2.0.0.rc2)
    ox (2.3.0)
    parser (2.3.3.1)
      ast (~> 2.2)
    powerpack (0.1.1)
    rainbow (2.1.0)
    rake (11.1.1)
    rubocop (0.44.1)
      parser (>= 2.3.1.1, < 3.0)
      powerpack (~> 0.1)
      rainbow (>= 1.99.1, < 3.0)
      ruby-progressbar (~> 1.7)
      unicode-display_width (~> 1.0, >= 1.0.1)
    ruby-progressbar (1.8.1)
    simplecov (0.11.2)
      docile (~> 1.1.0)
      json (~> 1.8)
      simplecov-html (~> 0.10.0)
    simplecov-html (0.10.0)
    typhoeus (1.0.1)
      ethon (>= 0.8.0)
    unicode-display_width (1.1.1)

PLATFORMS
  ruby

DEPENDENCIES
  byebug
  minitest
  nokogiri
  rake
  rubocop
  simplecov
  ups!

BUNDLED WITH
   1.13.6
