PATH
  remote: .
  specs:
    ups (0.8.2)
      insensitive_hash (~> 0.3.3)
      json (~> 2.0.0)
      levenshtein-ffi (~> 1.1)
      ox (~> 2.4.0)
      typhoeus (~> 1.0.0)

GEM
  remote: http://rubygems.org/
  specs:
    ast (2.3.0)
    byebug (9.0.6)
    docile (1.1.5)
    ethon (0.10.1)
      ffi (>= 1.3.0)
    ffi (1.9.18)
    insensitive_hash (0.3.3)
    json (2.0.3)
    levenshtein-ffi (1.1.0)
      ffi (~> 1.9)
    mini_portile2 (2.1.0)
    minitest (5.8.4)
    nokogiri (1.7.0.1)
      mini_portile2 (~> 2.1.0)
    ox (2.4.9)
    parser (2.3.3.1)
      ast (~> 2.2)
    powerpack (0.1.1)
    rainbow (2.1.0)
    rake (11.1.1)
    rubocop (0.44.1)
      parser (>= 2.3.1.1, < 3.0)
      powerpack (~> 0.1)
      rainbow (>= 1.99.1, < 3.0)
      ruby-progressbar (~> 1.7)
      unicode-display_width (~> 1.0, >= 1.0.1)
    ruby-progressbar (1.8.1)
    simplecov (0.14.0)
      docile (~> 1.1.0)
      json (>= 1.8, < 3)
      simplecov-html (~> 0.10.0)
    simplecov-html (0.10.0)
    typhoeus (1.0.2)
      ethon (>= 0.9.0)
    unicode-display_width (1.1.1)

PLATFORMS
  ruby

DEPENDENCIES
  byebug
  minitest
  nokogiri (~> 1.7.0)
  rake
  rubocop
  simplecov (~> 0.14.0)
  ups!

BUNDLED WITH
   1.13.7
